PATH
  remote: .
  specs:
    authcat (0.1.0)
      authcat-account (= 0.1.0)
      authcat-identity (= 0.1.0)
      authcat-mfa (= 0.1.0)
      authcat-password (= 0.1.0)
    authcat-account (0.1.0)
      authcat-identity (~> 0.1.0)
      authcat-mfa (~> 0.1.0)
      authcat-password (~> 0.1.0)
      zeitwerk (>= 2.4.2)
    authcat-identity (0.1.0)
      dry-container (>= 0.7.2)
      zeitwerk (>= 2.4.2)
    authcat-mfa (0.1.0)
      authcat-password (~> 0.1.0)
      dry-container (>= 0.7.2)
      zeitwerk (>= 2.4.2)
    authcat-password (0.1.0)
      dry-container (>= 0.7.2)
      zeitwerk (>= 2.4.2)

GEM
  remote: https://rubygems.org/
  specs:
    activemodel (6.1.7)
      activesupport (= 6.1.7)
    activerecord (6.1.7)
      activemodel (= 6.1.7)
      activesupport (= 6.1.7)
    activesupport (6.1.7)
      concurrent-ruby (~> 1.0, >= 1.0.2)
      i18n (>= 1.6, < 2)
      minitest (>= 5.1)
      tzinfo (~> 2.0)
      zeitwerk (~> 2.3)
    android_key_attestation (0.3.0)
    argon2-kdf (0.1.7)
    ast (2.4.2)
    awrence (1.2.1)
    bcrypt (3.1.16)
    bindata (2.4.10)
    blind_index (2.2.0)
      activesupport (>= 5)
      argon2-kdf (>= 0.1.1)
    cbor (0.5.9.6)
    concurrent-ruby (1.1.9)
    cose (1.2.0)
      cbor (~> 0.5.9)
      openssl-signature_algorithm (~> 1.0)
    database_cleaner (2.0.1)
      database_cleaner-active_record (~> 2.0.0)
    database_cleaner-active_record (2.0.1)
      activerecord (>= 5.a)
      database_cleaner-core (~> 2.0.0)
    database_cleaner-core (2.0.1)
    diff-lcs (1.5.0)
    dry-configurable (0.7.0)
      concurrent-ruby (~> 1.0)
    dry-container (0.7.2)
      concurrent-ruby (~> 1.0)
      dry-configurable (~> 0.1, >= 0.1.3)
    i18n (1.8.11)
      concurrent-ruby (~> 1.0)
    ipaddr (1.2.3)
    jwt (2.5.0)
    lockbox (0.6.6)
    mail (2.7.1)
      mini_mime (>= 0.1.1)
    mini_mime (1.1.2)
    mini_portile2 (2.8.0)
    minitest (5.15.0)
    openssl (2.2.1)
      ipaddr
    openssl-signature_algorithm (1.1.1)
      openssl (~> 2.0)
    parallel (1.22.1)
    parser (3.1.2.1)
      ast (~> 2.4.1)
    pg (1.4.1)
    phonelib (0.6.55)
    psych (4.0.3)
      stringio
    rainbow (3.1.1)
    rake (13.0.6)
    rdoc (6.4.0)
      psych (>= 4.0.0)
    regexp_parser (2.3.1)
    rexml (3.2.5)
    rotp (6.2.0)
    rspec (3.10.0)
      rspec-core (~> 3.10.0)
      rspec-expectations (~> 3.10.0)
      rspec-mocks (~> 3.10.0)
    rspec-core (3.10.2)
      rspec-support (~> 3.10.0)
    rspec-expectations (3.10.2)
      diff-lcs (>= 1.2.0, < 2.0)
      rspec-support (~> 3.10.0)
    rspec-mocks (3.10.3)
      diff-lcs (>= 1.2.0, < 2.0)
      rspec-support (~> 3.10.0)
    rspec-support (3.10.1)
    rubocop (1.28.2)
      parallel (~> 1.10)
      parser (>= 3.1.0.0)
      rainbow (>= 2.2.2, < 4.0)
      regexp_parser (>= 1.8, < 3.0)
      rexml
      rubocop-ast (>= 1.17.0, < 2.0)
      ruby-progressbar (~> 1.7)
      unicode-display_width (>= 1.4.0, < 3.0)
    rubocop-ast (1.17.0)
      parser (>= 3.1.1.0)
    rubocop-packaging (0.5.1)
      rubocop (>= 0.89, < 2.0)
    rubocop-performance (1.13.3)
      rubocop (>= 1.7.0, < 2.0)
      rubocop-ast (>= 0.4.0)
    rubocop-rake (0.6.0)
      rubocop (~> 1.0)
    rubocop-rspec (2.10.0)
      rubocop (~> 1.19)
    rubocop-rubycw (0.1.6)
      rubocop (~> 1.0)
    rubocop-thread_safety (0.4.4)
      rubocop (>= 0.53.0)
    ruby-progressbar (1.11.0)
    safety_net_attestation (0.4.0)
      jwt (~> 2.0)
    sqlite3 (1.5.3)
      mini_portile2 (~> 2.8.0)
    state_machines (0.5.0)
    state_machines-activemodel (0.8.0)
      activemodel (>= 5.1)
      state_machines (>= 0.5.0)
    state_machines-activerecord (0.8.0)
      activerecord (>= 5.1)
      state_machines-activemodel (>= 0.8.0)
    stringio (3.0.1)
    tpm-key_attestation (0.10.0)
      bindata (~> 2.4)
      openssl-signature_algorithm (~> 1.0)
    tzinfo (2.0.4)
      concurrent-ruby (~> 1.0)
    unicode-display_width (2.3.0)
    valid_email2 (4.0.4)
      activemodel (>= 3.2)
      mail (~> 2.5)
    webauthn (2.5.1)
      android_key_attestation (~> 0.3.0)
      awrence (~> 1.1)
      bindata (~> 2.4)
      cbor (~> 0.5.9)
      cose (~> 1.1)
      openssl (~> 2.2)
      safety_net_attestation (~> 0.4.0)
      tpm-key_attestation (~> 0.10.0)
    zeitwerk (2.6.1)

PLATFORMS
  ruby

DEPENDENCIES
  activerecord (~> 6.1)
  authcat!
  bcrypt
  blind_index
  database_cleaner (~> 2.0)
  lockbox
  pg
  phonelib
  rake (~> 13.0)
  rdoc
  rotp
  rspec (~> 3.0)
  rubocop
  rubocop-packaging
  rubocop-performance
  rubocop-rake
  rubocop-rspec
  rubocop-rubycw
  rubocop-thread_safety
  sqlite3
  state_machines-activerecord
  valid_email2
  webauthn

BUNDLED WITH
   2.3.17
