PATH
  remote: ..
  specs:
    authcat-identifier (0.1.0)
      dry-container (>= 0.7.2)
      zeitwerk (>= 2.4.2)
    authcat-multi_factor (0.1.0)
      authcat-password (~> 0.1.0)
      zeitwerk (>= 2.4.2)
    authcat-password (0.1.0)
      dry-container (>= 0.7.2)
      zeitwerk (>= 2.4.2)

PATH
  remote: .
  specs:
    authcat-account (0.1.0)
      authcat-identifier (~> 0.1.0)
      authcat-multi_factor (~> 0.1.0)
      zeitwerk (>= 2.4.2)

GEM
  remote: https://rubygems.org/
  specs:
    activemodel (5.2.4.4)
      activesupport (= 5.2.4.4)
    activerecord (5.2.4.4)
      activemodel (= 5.2.4.4)
      activesupport (= 5.2.4.4)
      arel (>= 9.0)
    activesupport (5.2.4.4)
      concurrent-ruby (~> 1.0, >= 1.0.2)
      i18n (>= 0.7, < 2)
      minitest (~> 5.1)
      tzinfo (~> 1.1)
    arel (9.0.0)
    argon2-kdf (0.1.5)
    ast (2.4.2)
    bcrypt (3.1.16)
    blind_index (2.2.0)
      activesupport (>= 5)
      argon2-kdf (>= 0.1.1)
    concurrent-ruby (1.1.8)
    database_cleaner (1.8.5)
    diff-lcs (1.4.4)
    dry-configurable (0.12.1)
      concurrent-ruby (~> 1.0)
      dry-core (~> 0.5, >= 0.5.0)
    dry-container (0.7.2)
      concurrent-ruby (~> 1.0)
      dry-configurable (~> 0.1, >= 0.1.3)
    dry-core (0.5.0)
      concurrent-ruby (~> 1.0)
    i18n (1.8.9)
      concurrent-ruby (~> 1.0)
    lockbox (0.6.2)
    mail (2.7.1)
      mini_mime (>= 0.1.1)
    mini_mime (1.0.2)
    minitest (5.14.3)
    parallel (1.20.1)
    parser (3.0.0.0)
      ast (~> 2.4.1)
    pg (1.2.3)
    phonelib (0.6.48)
    rainbow (3.0.0)
    rake (13.0.3)
    regexp_parser (2.1.1)
    rexml (3.2.4)
    rotp (6.2.0)
    rspec (3.10.0)
      rspec-core (~> 3.10.0)
      rspec-expectations (~> 3.10.0)
      rspec-mocks (~> 3.10.0)
    rspec-core (3.10.1)
      rspec-support (~> 3.10.0)
    rspec-expectations (3.10.1)
      diff-lcs (>= 1.2.0, < 2.0)
      rspec-support (~> 3.10.0)
    rspec-mocks (3.10.1)
      diff-lcs (>= 1.2.0, < 2.0)
      rspec-support (~> 3.10.0)
    rspec-support (3.10.1)
    rubocop (1.11.0)
      parallel (~> 1.10)
      parser (>= 3.0.0.0)
      rainbow (>= 2.2.2, < 4.0)
      regexp_parser (>= 1.8, < 3.0)
      rexml
      rubocop-ast (>= 1.2.0, < 2.0)
      ruby-progressbar (~> 1.7)
      unicode-display_width (>= 1.4.0, < 3.0)
    rubocop-ast (1.4.1)
      parser (>= 2.7.1.5)
    ruby-progressbar (1.11.0)
    sqlite3 (1.4.2)
    state_machines (0.5.0)
    state_machines-activemodel (0.8.0)
      activemodel (>= 5.1)
      state_machines (>= 0.5.0)
    state_machines-activerecord (0.8.0)
      activerecord (>= 5.1)
      state_machines-activemodel (>= 0.8.0)
    thread_safe (0.3.6)
    tzinfo (1.2.9)
      thread_safe (~> 0.1)
    unicode-display_width (2.0.0)
    valid_email2 (3.6.0)
      activemodel (>= 3.2)
      mail (~> 2.5)
    zeitwerk (2.4.2)

PLATFORMS
  x86_64-linux

DEPENDENCIES
  activerecord (~> 5.2)
  authcat-account!
  authcat-identifier!
  authcat-multi_factor!
  authcat-password!
  bcrypt
  blind_index
  database_cleaner (~> 1.5)
  lockbox
  pg
  phonelib
  rake (~> 13.0)
  rotp
  rspec (~> 3.0)
  rubocop (~> 1.7)
  sqlite3
  state_machines-activerecord
  valid_email2

BUNDLED WITH
   2.2.22
